GEM
  remote: https://rubygems.org/
  specs:
    cli-ui (2.2.3)

PLATFORMS
  ruby
  x64-mingw-ucrt
  x86_64-linux

DEPENDENCIES
  cli-ui (~> 2.2, >= 2.2.3)

BUNDLED WITH
   2.5.18
